GEM
  remote: https://rubygems.org/
  specs:
    artii (2.1.2)
    coderay (1.1.2)
    equatable (0.6.1)
    method_source (0.9.2)
    necromancer (0.5.0)
    pastel (0.7.3)
      equatable (~> 0.6)
      tty-color (~> 0.5)
    pry (0.12.2)
      coderay (~> 1.1.0)
      method_source (~> 0.9.0)
    require_all (2.0.0)
    strings-ansi (0.1.0)
    tty-color (0.5.0)
    tty-cursor (0.7.0)
    tty-progressbar (0.17.0)
      strings-ansi (~> 0.1.0)
      tty-cursor (~> 0.7)
      tty-screen (~> 0.7)
      unicode-display_width (~> 1.6)
    tty-prompt (0.19.0)
      necromancer (~> 0.5.0)
      pastel (~> 0.7.0)
      tty-reader (~> 0.6.0)
    tty-reader (0.6.0)
      tty-cursor (~> 0.7)
      tty-screen (~> 0.7)
      wisper (~> 2.0.0)
    tty-screen (0.7.0)
    tty-spinner (0.9.1)
      tty-cursor (~> 0.7)
    unicode-display_width (1.6.0)
    wisper (2.0.0)

PLATFORMS
  ruby

DEPENDENCIES
  artii (~> 2.1, >= 2.1.2)
  pry
  require_all
  tty-progressbar
  tty-prompt
  tty-spinner

BUNDLED WITH
   2.0.2
